{
    "TaskName": "sed",
    "Manufacturer": "Brain Products",
    "PowerLineFrequency": "n/a",
    "SamplingFrequency": 5000.0,
    "SoftwareFilters": "n/a",
    "RecordingDuration": 277.7904,
    "RecordingType": "continuous",
    "EEGReference": "n/a",
    "EEGGround": "n/a",
    "EEGPlacementScheme": "n/a",
    "EEGChannelCount": 64,
    "EOGChannelCount": 0,
    "ECGChannelCount": 0,
    "EMGChannelCount": 0,
    "MiscChannelCount": 0,
    "TriggerChannelCount": 0
}
